GEM
  remote: https://rubygems.org/
  specs:
    edn (1.1.1)
    libv8 (3.16.14.19)
    murmurhash3 (0.1.6)
    murmurhash3 (0.1.6-java)
    ref (2.0.0)
    therubyracer (0.12.3)
      libv8 (~> 3.16.14.15)
      ref
    yard (0.9.24)

PLATFORMS
  java
  ruby

DEPENDENCIES
  edn
  murmurhash3
  therubyracer
  yard

BUNDLED WITH
   1.17.3
